PATH
  remote: .
  specs:
    modern-resume-theme 
      github-pages 
      jekyll-seo-tag 

GEM
  remote: https://rubygems.org/
  specs:
    activesupport 
      i18n 
      minitest 
      thread_safe 
      tzinfo 
    addressable 
      public_suffix 
    coffee-script 
      coffee-script-source
      execjs
    coffee-script-source 
    colorator 
    colorize 
    commonmarker 
      ruby-enum 
    concurrent-ruby 
    dnsruby 
      simpleidn 
    em-websocket 
      eventmachine 
      http_parser.rb 
    ethon 
      ffi 
    eventmachine 
    eventmachine 
    execjs 
    faraday 
      multipart-post 
      ruby2_keywords
    ffi 
    ffi 
    forwardable-extended 
    gemoji 
    github-pages 
      github-pages-health-check 
      jekyll 
      jekyll-avatar 
      jekyll-coffeescript 
      jekyll-commonmark-ghpages 
      jekyll-default-layout 
      jekyll-feed 
      jekyll-gist 
      jekyll-github-metadata 
      jekyll-mentions 
      jekyll-optional-front-matter 
      jekyll-paginate 
      jekyll-readme-index 
      jekyll-redirect-from 
      jekyll-relative-links 
      jekyll-remote-theme 
      jekyll-sass-converter 
      jekyll-seo-tag 
      jekyll-sitemap 
      jekyll-swiss 
      jekyll-theme-architect 
      jekyll-theme-cayman 
      jekyll-theme-dinky 
      jekyll-theme-hacker 
      jekyll-theme-leap-day 
      jekyll-theme-merlot 
      jekyll-theme-midnight 
      jekyll-theme-minimal 
      jekyll-theme-modernist 
      jekyll-theme-primer 
      jekyll-theme-slate 
      jekyll-theme-tactile 
      jekyll-theme-time-machine 
      jekyll-titles-from-headings 
      jemoji 
      kramdown 
      kramdown-parser-gfm 
      liquid 
      mercenary 
      minima 
      nokogiri 
      rouge 
      terminal-table 
    github-pages-health-check 
      addressable 
      dnsruby 
      octokit 
      public_suffix 
      typhoeus 
    html-pipeline 
      activesupport 
      nokogiri 
    html-proofer 
      activesupport 
      addressable 
      colorize 
      mercenary 
      nokogiri 
      parallel 
      typhoeus 
      yell 
    http_parser.rb 
    i18n 
      concurrent-ruby 
    jekyll 
      addressable 
      colorator 
      em-websocket 
      i18n 
      jekyll-sass-converter 
      jekyll-watch 
      kramdown 
      liquid 
      mercenary 
      pathutil 
      rouge 
      safe_yaml 
    jekyll-avatar 
      jekyll 
    jekyll-coffeescript 
      coffee-script 
      coffee-script-source 
    jekyll-commonmark 
      commonmarker 
      jekyll 
    jekyll-commonmark-ghpages 
      commonmarker 
      jekyll-commonmark 
      rouge 
    jekyll-default-layout 
      jekyll 
    jekyll-feed 
      jekyll 
    jekyll-gist 
      octokit 
    jekyll-github-metadata 
      jekyll 
      octokit 
    jekyll-mentions 
      html-pipeline 
      jekyll 
    jekyll-optional-front-matter 
      jekyll 
    jekyll-paginate 
    jekyll-readme-index 
      jekyll 
    jekyll-redirect-from 
      jekyll 
    jekyll-relative-links 
      jekyll 
    jekyll-remote-theme 
      addressable 
      jekyll 
      jekyll-sass-converter 
      rubyzip 
    jekyll-sass-converter 
      sass 
    jekyll-seo-tag 
      jekyll 
    jekyll-sitemap 
      jekyll 
    jekyll-swiss 
    jekyll-theme-architect 
      jekyll 
      jekyll-seo-tag 
    jekyll-theme-cayman 
      jekyll 
      jekyll-seo-tag 
    jekyll-theme-dinky 
      jekyll 
      jekyll-seo-tag 
    jekyll-theme-hacker 
      jekyll 
      jekyll-seo-tag 
    jekyll-theme-leap-day 
      jekyll 
      jekyll-seo-tag 
    jekyll-theme-merlot 
      jekyll 
      jekyll-seo-tag 
    jekyll-theme-midnight 
      jekyll 
      jekyll-seo-tag 
    jekyll-theme-minimal 
      jekyll 
      jekyll-seo-tag 
    jekyll-theme-modernist 
      jekyll 
      jekyll-seo-tag 
    jekyll-theme-primer 
      jekyll 
      jekyll-github-metadata 
      jekyll-seo-tag 
    jekyll-theme-slate 
      jekyll 
      jekyll-seo-tag 
    jekyll-theme-tactile 
      jekyll 
      jekyll-seo-tag 
    jekyll-theme-time-machine 
      jekyll 
      jekyll-seo-tag 
    jekyll-titles-from-headings 
      jekyll 
    jekyll-watch 
      listen 
    jemoji 
      gemoji 
      html-pipeline 
      jekyll 
    kramdown 
      rexml
    kramdown-parser-gfm 
      kramdown 
    liquid 
    listen 
      rb-fsevent 
      rb-inotify 
    mercenary 
    mini_portile2 
    minima 
      jekyll 
      jekyll-feed 
      jekyll-seo-tag 
    minitest 
    multipart-post 
    nokogiri 
      mini_portile2 
    nokogiri 
      mini_portile2 
    octokit 
      faraday 
      sawyer 
    parallel 
    pathutil 
      forwardable-extended 
    public_suffix 
    rb-fsevent 
    rb-inotify 
      ffi 
    rexml 
    rouge 
    ruby-enum 
      i18n
    ruby2_keywords 
    rubyzip 
    safe_yaml 
    sass 
      sass-listen 
    sass-listen 
      rb-fsevent 
      rb-inotify 
    sawyer 
      addressable 
      faraday 
    simpleidn 
      unf 
    terminal-table 
      unicode-display_width 
    thread_safe 
    typhoeus 
      ethon 
    tzinfo 
      thread_safe 
    unf 
      unf_ext
    unf_ext 
    unf_ext 
    unicode-display_width 
    yell 

PLATFORMS
  ruby
  x64-mingw32

DEPENDENCIES
  html-proofer 
  modern-resume-theme!

BUNDLED WITH
   2.1.4
