PATH
  remote: .
  specs:
    my-own-portfolio (3.0.13)

GEM
  remote: https://rubygems.org/
  specs:

PLATFORMS
  ruby
  x64-mingw32

DEPENDENCIES
  my-own-portfolio!

BUNDLED WITH
   2.3.25
